GEM
  remote: https://rubygems.org/
  specs:
    dotenv (1.0.2)
    foreman (0.76.0)
      dotenv (~> 1.0.2)
      thor (~> 0.19.1)
    gosu (0.8.6)
    require_all (1.3.2)
    thor (0.19.1)

PLATFORMS
  ruby

DEPENDENCIES
  foreman
  gosu
  require_all
